PATH
  remote: .
  specs:
    eaal (0.1.10.20121018072129)
      activesupport (>= 2.0.2)
      hpricot (>= 0.6)
      memcache-client (>= 1.7.1)

GEM
  specs:
    RedCloth (4.2.9)
    activesupport (2.3.14)
    hoe (3.1.0)
      rake (~> 0.8)
    hoe-gemspec (1.0.0)
      hoe (>= 2.2.0)
    hpricot (0.8.6)
    memcache-client (1.8.5)
    newgem (1.5.3)
      RedCloth (>= 4.1.1)
      activesupport (~> 2.3.4)
      hoe (>= 2.4.0)
      rubigen (>= 1.5.3)
      syntax (>= 1.0.0)
    rake (0.9.2.2)
    rubigen (1.5.8)
      activesupport (>= 2.3.5, < 3.2.0)
    syntax (1.0.0)

PLATFORMS
  ruby

DEPENDENCIES
  eaal!
  hoe (~> 3.1)
  hoe-gemspec
  newgem (>= 1.5.3)
